GEM
  remote: http://rubygems.org/
  specs:
    ruby-prof (0.9.2)

PLATFORMS
  ruby

DEPENDENCIES
  ruby-prof
